{
	"ContinuousHeadLocalization": false,
	"DewarPosition": "upright",
	"DigitizedHeadPoints": false,
	"DigitizedLandmarks": true,
	"ECGChannelCount": 0,
	"ECOGChannelCount": 0,
	"EEGChannelCount": 2,
	"EMGChannelCount": 0,
	"EOGChannelCount": 0,
	"EpochLength": 10,
	"InstitutionAddress": "9000 Rockville Pike, Bethesda, MD, USA",
	"InstitutionName": "National Istitutes of Health",
	"InstitutionalDepartmentName": "NIH MEG core ",
	"MEGChannelCount": 272,
	"MEGREFChannelCount": 28,
	"Manufacturer": "CTF",
	"ManufacturersModelName": "CTF-275",
	"MiscChannelCount": 0,
	"PowerLineFrequency": 60,
	"RecordingDuration": 1070,
	"SEEGChannelCount": 0,
	"SamplingFrequency": 1200,
	"SoftwareFilters": {
		"SpatialCompensation": {
			"GradientOrder": "^3"
		}
	},
	"TaskDescription": "Mood Machine Interface, 3-levels: high-low-high mood targets",
	"TaskName": "mmi3",
	"TriggerChannelCount": 1
}
