{
	"AcquisitionDateTime": "2020-01-27T16:14:45",
	"AcquisitionMatrixPE": 256,
	"AcquisitionNumber": 1,
	"AnatomicalLandmarkCoordinateSystem": "LPS",
	"AnatomicalLandmarkCoordinateSystemDescription": "Anatomical Landmarks registered with AFNI software Edit Tagset plugin. Defaults to LPS coordinate system.",
	"AnatomicalLandmarkCoordinateUnits": "mm",
	"AnatomicalLandmarkCoordinates": [
		[
			"NAS:",
			[-10.59,-113,21.4]
		],
		[
			"LPA:",
			[65.41,-52,-27.6]
		],
		[
			"RPA:",
			[-67.59,-33,-32.6]
		]
	],
	"BodyPartExamined": "BRAIN",
	"ConversionSoftware": "dcm2niix",
	"ConversionSoftwareVersion": "v1.0.20180622 GCC4.8.5",
	"DeviceSerialNumber": "00000301496MR3T4",
	"EchoTime": 0.003436,
	"FlipAngle": 7,
	"ImageOrientationPatientDICOM": [0,1,0,0,0,-1],
	"ImageType": [
		"ORIGINAL",
		"PRIMARY",
		"OTHER"
	],
	"InPlanePhaseEncodingDirectionDICOM": "ROW",
	"InstitutionName": "NIH_FMRIF",
	"InversionTime": 0.9,
	"MRAcquisitionType": "3D",
	"MagneticFieldStrength": 3,
	"Manufacturer": "GE",
	"ManufacturersModelName": "DISCOVERY_MR750",
	"Modality": "MR",
	"PatientPosition": "HFS",
	"PercentPhaseFOV": 100,
	"PixelBandwidth": 195.312,
	"ProcedureStepDescription": "MRI_Brain",
	"ProtocolName": "Anat_T1w_MP-RAGE_1mm",
	"ReconMatrixPE": 256,
	"RepetitionTime": 0.0077,
	"SAR": 0.0563299,
	"ScanOptions": "EDR_GEMS_FILTERED_GEMS_ACC_GEMS_IR_GEMS",
	"ScanningSequence": "RM",
	"SequenceVariant": "NONE",
	"SeriesDescription": "Anat_T1w_MP-RAGE_1mm",
	"SeriesNumber": 6,
	"SliceThickness": 1,
	"SoftwareVersions": "27_LX_MR_Software_release:DV26.0_R03_1831.b",
	"SpacingBetweenSlices": 1,
	"StationName": "fmri3Tc"
}
