{
	"AcquisitionDateTime": "2020-01-21T14:10:02",
	"AcquisitionMatrixPE": 256,
	"AcquisitionNumber": 1,
	"AnatomicalLandmarkCoordinateSystem": "LPS",
	"AnatomicalLandmarkCoordinateSystemDescription": "Anatomical Landmarks registered with AFNI software Edit Tagset plugin. Defaults to LPS coordinate system.",
	"AnatomicalLandmarkCoordinateUnits": "mm",
	"AnatomicalLandmarkCoordinates": [
		[
			"NAS:",
			[8.927,-127.8,17.26]
		],
		[
			"LPA:",
			[85.93,-53.8,-42.74]
		],
		[
			"RPA:",
			[-64.08,-56.8,-38.74]
		]
	],
	"BodyPartExamined": "BRAIN",
	"ConversionSoftware": "dcm2niix",
	"ConversionSoftwareVersion": "v1.0.20180622 GCC4.8.5",
	"DeviceSerialNumber": "000301496mr3T5mr",
	"EchoTime": 0.00346,
	"FlipAngle": 7,
	"ImageOrientationPatientDICOM": [0.0447,0.999,0,0.02583,-0.00116,-0.99967],
	"ImageType": [
		"ORIGINAL",
		"PRIMARY",
		"OTHER"
	],
	"InPlanePhaseEncodingDirectionDICOM": "ROW",
	"InstitutionName": "NIH_FMRIF",
	"InversionTime": 0.9,
	"MRAcquisitionType": "3D",
	"MagneticFieldStrength": 3,
	"Manufacturer": "GE",
	"ManufacturersModelName": "DISCOVERY_MR750",
	"Modality": "MR",
	"PatientPosition": "HFS",
	"PercentPhaseFOV": 100,
	"PixelBandwidth": 195.312,
	"ProcedureStepDescription": "MRI_Brain",
	"ProtocolName": "anat_t1w_mp_rage_1mm",
	"ReconMatrixPE": 256,
	"RepetitionTime": 0.007624,
	"SAR": 0.103834,
	"ScanOptions": "EDR_GEMS_FILTERED_GEMS_ACC_GEMS_IR_GEMS",
	"ScanningSequence": "RM",
	"SequenceVariant": "NONE",
	"SeriesDescription": "anat_t1w_mp_rage_1mm",
	"SeriesNumber": 3,
	"SliceThickness": 1,
	"SoftwareVersions": "27_LX_MR_Software_release:DV26.0_R03_1831.b",
	"SpacingBetweenSlices": 1,
	"StationName": "FMRI3ta"
}
