{
	"AcquisitionDateTime": "2020-02-10T17:38:22",
	"AcquisitionNumber": 1,
	"AnatomicalLandmarkCoordinateSystem": "LPS",
	"AnatomicalLandmarkCoordinateSystemDescription": "Anatomical Landmarks registered with AFNI software Edit Tagset plugin. Defaults to LPS coordinate system.",
	"AnatomicalLandmarkCoordinateUnits": "mm",
	"AnatomicalLandmarkCoordinates": [
		[
			"NAS:",
			[-1.5,-120.2,27.48]
		],
		[
			"LPA:",
			[72.5,-48.25,-44.52]
		],
		[
			"RPA:",
			[-74.5,-45.25,-44.52]
		]
	],
	"BodyPartExamined": "BRAIN",
	"ConversionSoftware": "dcm2niix",
	"ConversionSoftwareVersion": "v1.0.20170528 GCC4.4.7",
	"DeviceSerialNumber": "00000301496MR3T4",
	"EchoTime": 0.003436,
	"FlipAngle": 7,
	"ImageType": [
		"ORIGINAL",
		"PRIMARY",
		"OTHER"
	],
	"InstitutionName": "NIH_FMRIF",
	"InversionTime": 0.9,
	"MagneticFieldStrength": 3,
	"Manufacturer": "GE",
	"ManufacturersModelName": "DISCOVERY_MR750",
	"ProcedureStepDescription": "MRI_Brain",
	"ProtocolName": "Anat_T1w_MP-RAGE_1mm",
	"RepetitionTime": 0.0077,
	"ScanningSequence": "RM",
	"SequenceVariant": "NONE",
	"SeriesDescription": "Anat_T1w_MP-RAGE_1mm",
	"SoftwareVersions": "27_LX_MR_Software_release:DV26.0_R03_1831.b"
}
