{
	"AcquisitionDateTime": "2019-05-18T13:11:20",
	"AcquisitionMatrixPE": 256,
	"AcquisitionNumber": 1,
	"AnatomicalLandmarkCoordinateSystem": "LPS",
	"AnatomicalLandmarkCoordinateSystemDescription": "Anatomical Landmarks registered with AFNI software Edit Tagset plugin. Defaults to LPS coordinate system.",
	"AnatomicalLandmarkCoordinateUnits": "mm",
	"AnatomicalLandmarkCoordinates": [
		[
			"NAS:",
			[9.219,-134.3,19.51]
		],
		[
			"LPA:",
			[74.22,-38.26,-28.49]
		],
		[
			"RPA:",
			[-72.78,-47.26,-27.49]
		]
	],
	"BodyPartExamined": "BRAIN",
	"ConversionSoftware": "dcm2niix",
	"ConversionSoftwareVersion": "v1.0.20180622 GCC4.8.5",
	"DeviceSerialNumber": "000301496mr3T5mr",
	"EchoTime": 0.003476,
	"FlipAngle": 7,
	"ImageOrientationPatientDICOM": [0,1,0,0,0,-1],
	"ImageType": [
		"ORIGINAL",
		"PRIMARY",
		"OTHER"
	],
	"InPlanePhaseEncodingDirectionDICOM": "ROW",
	"InstitutionName": "NIH_FMRIF",
	"InversionTime": 0.9,
	"MRAcquisitionType": "3D",
	"MagneticFieldStrength": 3,
	"Manufacturer": "GE",
	"ManufacturersModelName": "DISCOVERY_MR750",
	"Modality": "MR",
	"PatientPosition": "HFS",
	"PercentPhaseFOV": 100,
	"PixelBandwidth": 195.312,
	"ProcedureStepDescription": "MRI_Brain",
	"ProtocolName": "ORIG_anat_t1w_mp_rage_1mm",
	"ReconMatrixPE": 256,
	"RepetitionTime": 0.00766,
	"SAR": 0.0991109,
	"ScanOptions": "EDR_GEMS_ACC_GEMS_IR_GEMS",
	"ScanningSequence": "RM",
	"SequenceVariant": "NONE",
	"SeriesDescription": "ORIG_anat_t1w_mp_rage_1mm",
	"SeriesNumber": 40008,
	"SliceThickness": 1,
	"SoftwareVersions": "27_LX_MR_Software_release:DV26.0_R03_1831.b",
	"SpacingBetweenSlices": 1,
	"StationName": "FMRI3ta"
}
